GIT
  remote: git@github.com:adhearsion/adhearsion-asterisk.git
  revision: f93ac5d54a33f389715f16462062f59a1dc7936e
  branch: develop
  specs:
    adhearsion-asterisk (1.2.0)
      activesupport (>= 3.0.10)
      adhearsion (~> 2.0)

GIT
  remote: git@github.com:adhearsion/adhearsion.git
  revision: 01ebbe473889fa4e895f4adf3914b7c7c8349713
  branch: develop
  specs:
    adhearsion (2.0.1)
      activesupport (>= 3.0.10)
      adhearsion-loquacious (>= 1.9.0)
      bundler (~> 1.0)
      celluloid (>= 0.10.0)
      countdownlatch
      deep_merge
      ffi (>= 1.0.11)
      future-resource (~> 1.0)
      girl_friday
      has-guarded-handlers (~> 1.1)
      logging (>= 1.6.1)
      pry
      punchblock (~> 1.2)
      rake
      ruby_speech (~> 1.0)
      thor
      uuid

GIT
  remote: git@github.com:adhearsion/punchblock.git
  revision: efa6a1316d60c891c7bbc5ca7c3531eac45c5c1a
  branch: feature/rpfixes
  specs:
    punchblock (1.2.0)
      activesupport (~> 3.0)
      blather (>= 0.7.0)
      celluloid (>= 0.10.0)
      future-resource (~> 1.0)
      has-guarded-handlers (~> 1.0)
      niceogiri (~> 1.0)
      ruby_ami (~> 1.0)
      ruby_speech (~> 1.0)
      state_machine (~> 1.0)

GIT
  remote: git@github.com:mojolingo/voicemail.git
  revision: 3240a783c16a37cc530a4a6a87b1d8de120c814e
  branch: temp_demo
  specs:
    voicemail (0.0.1)
      activesupport (>= 3.0.10)
      adhearsion (>= 2.0.0)

GEM
  remote: http://rubygems.org/
  specs:
    activesupport (3.2.5)
      i18n (~> 0.6)
      multi_json (~> 1.0)
    adhearsion-loquacious (1.9.3)
    blather (0.7.1)
      activesupport (>= 3.0.7)
      eventmachine (>= 0.12.6)
      girl_friday
      niceogiri (~> 1.0)
      nokogiri (~> 1.4)
    celluloid (0.11.0)
    coderay (1.0.6)
    connection_pool (0.1.0)
    countdownlatch (1.0.0)
    deep_merge (1.0.0)
    eventmachine (0.12.10)
    ffi (1.0.11)
    future-resource (1.0.0)
    girl_friday (0.9.7)
      connection_pool (~> 0.1.0)
    has-guarded-handlers (1.2.0)
      uuid
    httparty (0.8.3)
      multi_json (~> 1.0)
      multi_xml
    i18n (0.6.0)
    little-plugger (1.1.3)
    logging (1.7.2)
      little-plugger (>= 1.1.3)
    macaddr (1.6.1)
      systemu (~> 2.5.0)
    method_source (0.7.1)
    multi_json (1.3.6)
    multi_xml (0.5.1)
    niceogiri (1.0.2)
      nokogiri (~> 1.4)
    nokogiri (1.5.3)
    pry (0.9.9.6)
      coderay (~> 1.0.5)
      method_source (~> 0.7.1)
      slop (>= 2.4.4, < 3)
    rake (0.9.2.2)
    ruby_ami (1.0.1)
      activesupport (~> 3.0)
      countdownlatch (~> 1.0)
      eventmachine
      future-resource
      girl_friday
      i18n
      uuidtools
    ruby_speech (1.0.0)
      activesupport (>= 3.0.7)
      niceogiri (~> 1.0)
    slop (2.4.4)
    state_machine (1.1.2)
    systemu (2.5.1)
    thor (0.15.2)
    uuid (2.3.5)
      macaddr (~> 1.0)
    uuidtools (2.1.2)

PLATFORMS
  ruby

DEPENDENCIES
  adhearsion!
  adhearsion-asterisk!
  httparty
  punchblock!
  voicemail!
